PATH
  remote: .
  specs:
    doctor_doug (0.1.1)
      mail

GEM
  remote: https://rubygems.org/
  specs:
    mail (2.7.0)
      mini_mime (>= 0.1.1)
    mini_mime (1.0.0)
    minitest (5.11.3)
    rake (10.5.0)

PLATFORMS
  ruby

DEPENDENCIES
  bundler (~> 1.16)
  doctor_doug!
  minitest (~> 5.0)
  rake (~> 10.0)

BUNDLED WITH
   1.16.1
