PATH
  remote: .
  specs:
    doctor_doug (0.1.1)
      sidekiq
      whenever

GEM
  remote: https://rubygems.org/
  specs:
    chronic (0.10.2)
    concurrent-ruby (1.0.5)
    connection_pool (2.2.1)
    minitest (5.11.3)
    rack (2.0.5)
    rack-protection (2.0.1)
      rack
    rake (10.5.0)
    redis (4.0.1)
    sidekiq (5.1.3)
      concurrent-ruby (~> 1.0)
      connection_pool (~> 2.2, >= 2.2.0)
      rack-protection (>= 1.5.0)
      redis (>= 3.3.5, < 5)
    whenever (0.10.0)
      chronic (>= 0.6.3)

PLATFORMS
  ruby

DEPENDENCIES
  bundler (~> 1.16)
  doctor_doug!
  minitest (~> 5.0)
  rake (~> 10.0)

BUNDLED WITH
   1.16.1
