PATH
  remote: .
  specs:
    doctor_doug (0.1.2)
      mail

GEM
  remote: https://rubygems.org/
  specs:
    docile (1.3.0)
    json (2.1.0)
    mail (2.7.0)
      mini_mime (>= 0.1.1)
    mini_mime (1.0.0)
    minitest (5.11.3)
    rake (10.5.0)
    simplecov (0.16.1)
      docile (~> 1.1)
      json (>= 1.8, < 3)
      simplecov-html (~> 0.10.0)
    simplecov-html (0.10.2)

PLATFORMS
  ruby

DEPENDENCIES
  bundler (~> 1.16)
  doctor_doug!
  minitest (~> 5.0)
  rake (~> 10.0)
  simplecov

BUNDLED WITH
   1.16.1
